GEM
  remote: http://rubygems.org/
  specs:
    rack (1.4.1)
    rulers (0.0.2)
      rack

PLATFORMS
  ruby

DEPENDENCIES
  rulers
